GIT
  remote: git://github.com/rails/exception_notification.git
  revision: 192a49a02d63d28b23ed41cebadfedd490929cf1
  specs:
    exception_notification (1.0.0)

GIT
  remote: https://github.com/entropillc/bootstrapped.git
  revision: f1daa3870ac949a5cc3d4037894fd4f317b688eb
  specs:
    bootstrapped (1.0.1)
      actionpack (>= 3.1)
      less-rails (~> 2.1.6)
      railties (>= 3.1)

GEM
  remote: https://rubygems.org/
  specs:
    actionmailer (3.2.3)
      actionpack (= 3.2.3)
      mail (~> 2.4.4)
    actionpack (3.2.3)
      activemodel (= 3.2.3)
      activesupport (= 3.2.3)
      builder (~> 3.0.0)
      erubis (~> 2.7.0)
      journey (~> 1.0.1)
      rack (~> 1.4.0)
      rack-cache (~> 1.2)
      rack-test (~> 0.6.1)
      sprockets (~> 2.1.2)
    activemodel (3.2.3)
      activesupport (= 3.2.3)
      builder (~> 3.0.0)
    activerecord (3.2.3)
      activemodel (= 3.2.3)
      activesupport (= 3.2.3)
      arel (~> 3.0.2)
      tzinfo (~> 0.3.29)
    activeresource (3.2.3)
      activemodel (= 3.2.3)
      activesupport (= 3.2.3)
    activesupport (3.2.3)
      i18n (~> 0.6)
      multi_json (~> 1.0)
    acts-as-taggable-on (2.2.2)
      rails (~> 3.0)
    addressable (2.2.7)
    appleseed (0.5.0)
      git
      heroku
      rails
    arel (3.0.2)
    bcrypt-ruby (3.0.1)
    builder (3.0.0)
    cancan (1.6.7)
    cocaine (0.2.1)
    coffee-rails (3.2.2)
      coffee-script (>= 2.2.0)
      railties (~> 3.2.0)
    coffee-script (2.2.0)
      coffee-script-source
      execjs
    coffee-script-source (1.3.1)
    commonjs (0.2.5)
    devise (2.1.0.rc)
      bcrypt-ruby (~> 3.0)
      orm_adapter (~> 0.0.3)
      railties (~> 3.1)
      warden (~> 1.1.1)
    devise_invitable (1.0.1)
      devise (>= 2.0.0)
      rails (~> 3.0)
    erubis (2.7.0)
    execjs (1.3.0)
      multi_json (~> 1.0)
    git (1.2.5)
    heroku (2.24.1)
      launchy (>= 0.3.2)
      netrc (~> 0.7.1)
      rest-client (~> 1.6.1)
      rubyzip
    hike (1.2.1)
    i18n (0.6.0)
    journey (1.0.3)
    jquery-rails (2.0.2)
      railties (>= 3.2.0, < 5.0)
      thor (~> 0.14)
    json (1.6.6)
    launchy (2.1.0)
      addressable (~> 2.2.6)
    less (2.0.12)
      commonjs (~> 0.2.0)
      therubyracer (~> 0.9.9)
    less-rails (2.1.8)
      actionpack (>= 3.1)
      less (~> 2.0.7)
    less-rails-fontawesome (0.1.0)
      less-rails (>= 2.1.7)
      railties (>= 3.1.1)
    libv8 (3.3.10.4)
    mail (2.4.4)
      i18n (>= 0.4.0)
      mime-types (~> 1.16)
      treetop (~> 1.4.8)
    mime-types (1.18)
    multi_json (1.3.2)
    netrc (0.7.1)
    orm_adapter (0.0.7)
    paperclip (3.0.2)
      activemodel (>= 3.0.0)
      activerecord (>= 3.0.0)
      activesupport (>= 3.0.0)
      cocaine (>= 0.0.2)
      mime-types
    pg (0.13.2)
    polyglot (0.3.3)
    rack (1.4.1)
    rack-cache (1.2)
      rack (>= 0.4)
    rack-ssl (1.3.2)
      rack
    rack-test (0.6.1)
      rack (>= 1.0)
    rails (3.2.3)
      actionmailer (= 3.2.3)
      actionpack (= 3.2.3)
      activerecord (= 3.2.3)
      activeresource (= 3.2.3)
      activesupport (= 3.2.3)
      bundler (~> 1.0)
      railties (= 3.2.3)
    railties (3.2.3)
      actionpack (= 3.2.3)
      activesupport (= 3.2.3)
      rack-ssl (~> 1.3.2)
      rake (>= 0.8.7)
      rdoc (~> 3.4)
      thor (~> 0.14.6)
    rake (0.9.2.2)
    rdoc (3.12)
      json (~> 1.4)
    rest-client (1.6.7)
      mime-types (>= 1.16)
    rolify (3.1.0)
    rubyzip (0.9.7)
    sass (3.1.16)
    sass-rails (3.2.5)
      railties (~> 3.2.0)
      sass (>= 3.1.10)
      tilt (~> 1.3)
    simple_form (2.0.1)
      actionpack (~> 3.0)
      activemodel (~> 3.0)
    sprockets (2.1.2)
      hike (~> 1.2)
      rack (~> 1.0)
      tilt (~> 1.1, != 1.3.0)
    therubyracer (0.9.10)
      libv8 (~> 3.3.10)
    thor (0.14.6)
    tilt (1.3.3)
    tinymce-rails (3.4.9)
      railties (>= 3.1.1)
    treetop (1.4.10)
      polyglot
      polyglot (>= 0.3.1)
    twitter-bootstrap-rails (2.0.4)
      actionpack (>= 3.1)
      less-rails (~> 2.1.8)
      railties (>= 3.1)
    tzinfo (0.3.33)
    uglifier (1.2.4)
      execjs (>= 0.3.0)
      multi_json (>= 1.0.2)
    warden (1.1.1)
      rack (>= 1.0)
    will_paginate (3.0.3)

PLATFORMS
  ruby

DEPENDENCIES
  acts-as-taggable-on (~> 2.2.2)
  appleseed
  bootstrapped!
  cancan (>= 1.6.7)
  coffee-rails (~> 3.2.1)
  devise (>= 2.1.0.rc)
  devise_invitable (>= 1.0.1)
  exception_notification!
  heroku
  jquery-rails
  less-rails-fontawesome
  paperclip (~> 3.0)
  pg
  rails (= 3.2.3)
  rolify (>= 3.1.0)
  sass-rails (~> 3.2.3)
  simple_form
  tinymce-rails
  twitter-bootstrap-rails (>= 2.0.3)
  uglifier (>= 1.0.3)
  will_paginate (>= 3.0.3)
